PATH
  remote: .
  specs:
    ap_ssh_multi (0.1.0)
      ap_message_io (~> 0.1.0)
      bundler (~> 1.16)
      minitest (~> 5.10.1)
      net-ssh-multi (~> 1.2, >= 1.2.1)
      rake (~> 0)
      state-machine (~> 0.1.4)
      yard (~> 0.9.12)

GEM
  remote: https://rubygems.org/
  specs:
    ap_message_io (0.1.0)
      bundler (~> 1.16)
      eventmachine (~> 1.2.5)
      json (~> 2.0.4)
      minitest (~> 5.10.1)
      rake (~> 0)
      state-machine (~> 0.1.4)
      yard (~> 0.9.12)
    eventmachine (1.2.5)
    facets (3.1.0)
    json (2.0.4)
    minitest (5.10.1)
    net-ssh (4.2.0)
    net-ssh-gateway (2.0.0)
      net-ssh (>= 4.0.0)
    net-ssh-multi (1.2.1)
      net-ssh (>= 2.6.5)
      net-ssh-gateway (>= 1.2.0)
    rake (0.9.6)
    sqlite3 (1.3.13)
    state-machine (0.1.4)
      bundler (~> 1.16.0)
      eventmachine (~> 1.2.5)
      facets (= 3.1.0)
      minitest (= 5.10.1)
      rake (~> 0)
      sqlite3 (= 1.3.13)
      yard (~> 0.9.12)
    yard (0.9.12)

PLATFORMS
  ruby

DEPENDENCIES
  ap_ssh_multi!

BUNDLED WITH
   1.16.1
